GEM
  remote: https://rubygems.org/
  specs:
    device_api (1.0.0)
    rmagick (2.13.4)

PLATFORMS
  ruby

DEPENDENCIES
  device_api
  rmagick
